PATH
  remote: .
  specs:
    nguyen (0.0.1)
      nokogiri (~> 1.5.5)

GEM
  remote: https://rubygems.org/
  specs:
    nokogiri (1.5.5)
    rake (0.9.2.2)

PLATFORMS
  ruby

DEPENDENCIES
  nguyen!
  rake
