PATH
  remote: .
  specs:
    nguyen (0.0.3)
      nokogiri (~> 1.5.6)

GEM
  remote: https://rubygems.org/
  specs:
    nokogiri (1.5.6)
    rake (10.0.3)

PLATFORMS
  ruby

DEPENDENCIES
  nguyen!
  rake
